GEM
  remote: https://rubygems.org/
  specs:
    base64 (0.2.0)
    concurrent-ruby (1.1.10)
    date (3.3.3)
    i18n (1.12.0)
      concurrent-ruby (~> 1.0)
    kgio (2.11.4)
    mail (2.8.0)
      mini_mime (>= 0.1.1)
      net-imap
      net-pop
      net-smtp
    mime-types (3.4.1)
      mime-types-data (~> 3.2015)
    mime-types-data (3.2022.0105)
    mini_mime (1.1.2)
    moneta (1.1.1)
    mustermann (3.0.0)
      ruby2_keywords (~> 0.0.1)
    net-imap (0.3.4)
      date
      net-protocol
    net-pop (0.1.2)
      net-protocol
    net-protocol (0.2.1)
      timeout
    net-smtp (0.3.3)
      net-protocol
    padrino (0.15.2)
      padrino-admin (= 0.15.2)
      padrino-cache (= 0.15.2)
      padrino-core (= 0.15.2)
      padrino-gen (= 0.15.2)
      padrino-helpers (= 0.15.2)
      padrino-mailer (= 0.15.2)
      padrino-support (= 0.15.2)
    padrino-admin (0.15.2)
      padrino-core (= 0.15.2)
      padrino-helpers (= 0.15.2)
    padrino-cache (0.15.2)
      moneta (~> 1.1.0)
      padrino-core (= 0.15.2)
      padrino-helpers (= 0.15.2)
    padrino-core (0.15.2)
      padrino-support (= 0.15.2)
      sinatra (>= 2.2.4)
      thor (~> 1.0)
    padrino-gen (0.15.2)
      bundler (>= 1.0, < 3)
      padrino-core (= 0.15.2)
    padrino-helpers (0.15.2)
      i18n (>= 0.6.7, < 2)
      padrino-support (= 0.15.2)
      tilt (>= 1.4.1, < 3)
    padrino-mailer (0.15.2)
      mail (~> 2.5)
      mime-types (< 4)
      padrino-core (= 0.15.2)
    padrino-support (0.15.2)
    rack (3.1.3)
    rack-protection (4.0.0)
      base64 (>= 0.1.0)
      rack (>= 3.0.0, < 4)
    rack-session (2.0.0)
      rack (>= 3.0.0)
    raindrops (0.20.0)
    rake (13.0.6)
    ruby2_keywords (0.0.5)
    sinatra (4.0.0)
      mustermann (~> 3.0)
      rack (>= 3.0.0, < 4)
      rack-protection (= 4.0.0)
      rack-session (>= 2.0.0, < 3)
      tilt (~> 2.0)
    slim (4.1.0)
      temple (>= 0.7.6, < 0.9)
      tilt (>= 2.0.6, < 2.1)
    temple (0.8.2)
    thor (1.2.1)
    tilt (2.0.10)
    timeout (0.3.1)
    unicorn (6.1.0)
      kgio (~> 2.6)
      raindrops (~> 0.7)

PLATFORMS
  ruby

DEPENDENCIES
  padrino (= 0.15.2)
  rake
  slim
  unicorn

BUNDLED WITH
   2.3.4
